GEM
  remote: https://rubygems.org/
  specs:
    actioncable (6.1.3.2)
      actionpack (= 6.1.3.2)
      activesupport (= 6.1.3.2)
      nio4r (~> 2.0)
      websocket-driver (>= 0.6.1)
    actionmailbox (6.1.3.2)
      actionpack (= 6.1.3.2)
      activejob (= 6.1.3.2)
      activerecord (= 6.1.3.2)
      activestorage (= 6.1.3.2)
      activesupport (= 6.1.3.2)
      mail (>= 2.7.1)
    actionmailer (6.1.3.2)
      actionpack (= 6.1.3.2)
      actionview (= 6.1.3.2)
      activejob (= 6.1.3.2)
      activesupport (= 6.1.3.2)
      mail (~> 2.5, >= 2.5.4)
      rails-dom-testing (~> 2.0)
    actionpack (6.1.3.2)
      actionview (= 6.1.3.2)
      activesupport (= 6.1.3.2)
      rack (~> 2.0, >= 2.0.9)
      rack-test (>= 0.6.3)
      rails-dom-testing (~> 2.0)
      rails-html-sanitizer (~> 1.0, >= 1.2.0)
    actiontext (6.1.3.2)
      actionpack (= 6.1.3.2)
      activerecord (= 6.1.3.2)
      activestorage (= 6.1.3.2)
      activesupport (= 6.1.3.2)
      nokogiri (>= 1.8.5)
    actionview (6.1.3.2)
      activesupport (= 6.1.3.2)
      builder (~> 3.1)
      erubi (~> 1.4)
      rails-dom-testing (~> 2.0)
      rails-html-sanitizer (~> 1.1, >= 1.2.0)
    active_model_serializers (0.10.12)
      actionpack (>= 4.1, < 6.2)
      activemodel (>= 4.1, < 6.2)
      case_transform (>= 0.2)
      jsonapi-renderer (>= 0.1.1.beta1, < 0.3)
    activejob (6.1.3.2)
      activesupport (= 6.1.3.2)
      globalid (>= 0.3.6)
    activemodel (6.1.3.2)
      activesupport (= 6.1.3.2)
    activerecord (6.1.3.2)
      activemodel (= 6.1.3.2)
      activesupport (= 6.1.3.2)
    activestorage (6.1.3.2)
      actionpack (= 6.1.3.2)
      activejob (= 6.1.3.2)
      activerecord (= 6.1.3.2)
      activesupport (= 6.1.3.2)
      marcel (~> 1.0.0)
      mini_mime (~> 1.0.2)
    activesupport (6.1.3.2)
      concurrent-ruby (~> 1.0, >= 1.0.2)
      i18n (>= 1.6, < 2)
      minitest (>= 5.1)
      tzinfo (~> 2.0)
      zeitwerk (~> 2.3)
    bcrypt (3.1.16)
    bootsnap (1.7.5)
      msgpack (~> 1.0)
    builder (3.2.4)
    byebug (11.1.3)
    case_transform (0.2)
      activesupport
    coderay (1.1.3)
    concurrent-ruby (1.1.9)
    crass (1.0.6)
    domain_name (0.5.20190701)
      unf (>= 0.0.5, < 1.0.0)
    erubi (1.10.0)
    ffi (1.15.1)
    globalid (0.4.2)
      activesupport (>= 4.2.0)
    http-accept (1.7.0)
    http-cookie (1.0.4)
      domain_name (~> 0.5)
    i18n (1.8.10)
      concurrent-ruby (~> 1.0)
    jsonapi-renderer (0.2.2)
    listen (3.5.1)
      rb-fsevent (~> 0.10, >= 0.10.3)
      rb-inotify (~> 0.9, >= 0.9.10)
    loofah (2.10.0)
      crass (~> 1.0.2)
      nokogiri (>= 1.5.9)
    mail (2.7.1)
      mini_mime (>= 0.1.1)
    marcel (1.0.1)
    method_source (1.0.0)
    mime-types (3.3.1)
      mime-types-data (~> 3.2015)
    mime-types-data (3.2021.0225)
    mini_mime (1.0.3)
    minitest (5.14.4)
    msgpack (1.4.2)
    netrc (0.11.0)
    nio4r (2.5.7)
    nokogiri (1.11.7-x86_64-linux)
      racc (~> 1.4)
    pry (0.14.1)
      coderay (~> 1.1)
      method_source (~> 1.0)
    puma (5.3.2)
      nio4r (~> 2.0)
    racc (1.5.2)
    rack (2.2.3)
    rack-test (1.1.0)
      rack (>= 1.0, < 3)
    rails (6.1.3.2)
      actioncable (= 6.1.3.2)
      actionmailbox (= 6.1.3.2)
      actionmailer (= 6.1.3.2)
      actionpack (= 6.1.3.2)
      actiontext (= 6.1.3.2)
      actionview (= 6.1.3.2)
      activejob (= 6.1.3.2)
      activemodel (= 6.1.3.2)
      activerecord (= 6.1.3.2)
      activestorage (= 6.1.3.2)
      activesupport (= 6.1.3.2)
      bundler (>= 1.15.0)
      railties (= 6.1.3.2)
      sprockets-rails (>= 2.0.0)
    rails-dom-testing (2.0.3)
      activesupport (>= 4.2.0)
      nokogiri (>= 1.6)
    rails-html-sanitizer (1.3.0)
      loofah (~> 2.3)
    railties (6.1.3.2)
      actionpack (= 6.1.3.2)
      activesupport (= 6.1.3.2)
      method_source
      rake (>= 0.8.7)
      thor (~> 1.0)
    rake (13.0.3)
    rb-fsevent (0.11.0)
    rb-inotify (0.10.1)
      ffi (~> 1.0)
    rest-client (2.1.0)
      http-accept (>= 1.7.0, < 2.0)
      http-cookie (>= 1.0.2, < 2.0)
      mime-types (>= 1.16, < 4.0)
      netrc (~> 0.8)
    spring (2.1.1)
    sprockets (4.0.2)
      concurrent-ruby (~> 1.0)
      rack (> 1, < 3)
    sprockets-rails (3.2.2)
      actionpack (>= 4.0)
      activesupport (>= 4.0)
      sprockets (>= 3.0.0)
    sqlite3 (1.4.2)
    thor (1.1.0)
    tzinfo (2.0.4)
      concurrent-ruby (~> 1.0)
    unf (0.1.4)
      unf_ext
    unf_ext (0.0.7.7)
    websocket-driver (0.7.4)
      websocket-extensions (>= 0.1.0)
    websocket-extensions (0.1.5)
    zeitwerk (2.4.2)

PLATFORMS
  x86_64-linux

DEPENDENCIES
  active_model_serializers (~> 0.10.0)
  bcrypt (~> 3.1.7)
  bootsnap (>= 1.4.4)
  byebug
  listen (~> 3.3)
  pry
  puma (~> 5.0)
  rails (~> 6.1.3, >= 6.1.3.2)
  rest-client
  spring
  sqlite3 (~> 1.4)
  tzinfo-data

RUBY VERSION
   ruby 3.0.1p64

BUNDLED WITH
   2.2.15
